GEM
  remote: https://rubygems.org/
  specs:
    atk (3.2.9-x64-mingw32)
      glib2 (= 3.2.9)
    cairo (1.15.14-x64-mingw32)
      native-package-installer (>= 1.0.3)
      pkg-config (>= 1.2.2)
    cairo-gobject (3.2.9-x64-mingw32)
      cairo
      glib2 (= 3.2.9)
    gdk3 (3.2.9-x64-mingw32)
      cairo-gobject (= 3.2.9)
      gdk_pixbuf2 (= 3.2.9)
      pango (= 3.2.9)
    gdk_pixbuf2 (3.2.9-x64-mingw32)
      gio2 (= 3.2.9)
    gio2 (3.2.9-x64-mingw32)
      glib2 (= 3.2.9)
      gobject-introspection (= 3.2.9)
    glib2 (3.2.9-x64-mingw32)
      cairo (>= 1.15.9)
      native-package-installer (>= 1.0.3)
      pkg-config (>= 1.2.2)
    gobject-introspection (3.2.9-x64-mingw32)
      glib2 (= 3.2.9)
    gtk3 (3.2.9-x64-mingw32)
      atk (= 3.2.9)
      gdk3 (= 3.2.9)
      gdk_pixbuf2 (= 3.2.9)
      gio2 (= 3.2.9)
      pango (= 3.2.9)
      rsvg2 (= 3.2.9)
    native-package-installer (1.0.6)
    pango (3.2.9-x64-mingw32)
      cairo-gobject (= 3.2.9)
      gobject-introspection (= 3.2.9)
    pkg-config (1.3.1)
    rsvg2 (3.2.9-x64-mingw32)
      cairo-gobject (= 3.2.9)
      gdk_pixbuf2 (= 3.2.9)
      pango (>= 3.2.9)

PLATFORMS
  x64-mingw32

DEPENDENCIES
  gtk3

BUNDLED WITH
   1.16.6
